GEM
  remote: http://rubygems.org/
  specs:
    wirble (0.1.3)

PLATFORMS
  ruby

DEPENDENCIES
  wirble
