GEM
  remote: http://rubygems.org/
  specs:
    stubs (1.0)
    wirble (0.1.3)

PLATFORMS
  ruby

DEPENDENCIES
  stubs
  wirble
