GEM
  remote: http://rubygems.org/
  specs:
    genpass (1.0.0)
    stubs (1.0)
    wirble (0.1.3)

PLATFORMS
  ruby

DEPENDENCIES
  genpass
  stubs
  wirble
